GEM
  remote: https://rubygems.org/
  specs:
    addressable (2.5.1)
      public_suffix (~> 2.0, >= 2.0.2)
    faraday (0.12.2)
      multipart-post (>= 1.2, < 3)
    multipart-post (2.0.0)
    octokit (4.7.0)
      sawyer (~> 0.8.0, >= 0.5.3)
    pdf-core (0.7.0)
    prawn (2.2.2)
      pdf-core (~> 0.7.0)
      ttfunk (~> 1.5)
    prawn-emoji (2.1.0)
      prawn (>= 2.1.0)
    public_suffix (2.0.5)
    sawyer (0.8.1)
      addressable (>= 2.3.5, < 2.6)
      faraday (~> 0.8, < 1.0)
    slop (4.5.0)
    ttfunk (1.5.1)

PLATFORMS
  ruby

DEPENDENCIES
  octokit (~> 4.7)
  prawn
  prawn-emoji
  slop

BUNDLED WITH
   1.16.0.pre.2
